GEM
  remote: https://rubygems.org/
  specs:
    anemone (0.7.2)
      nokogiri (>= 1.3.0)
      robotex (>= 1.0.0)
    daemons (1.2.4)
    eventmachine (1.2.1)
    image_size (1.5.0)
    log4r (1.1.10)
    mini_portile2 (2.1.0)
    nokogiri (1.7.0)
      mini_portile2 (~> 2.1.0)
    parallel (1.10.0)
    rack (1.6.5)
    rack-protection (1.5.3)
      rack
    rake (12.0.0)
    robotex (1.0.0)
    sinatra (1.4.7)
      rack (~> 1.5)
      rack-protection (~> 1.4)
      tilt (>= 1.3, < 3)
    thin (1.7.0)
      daemons (~> 1.0, >= 1.0.9)
      eventmachine (~> 1.0, >= 1.0.4)
      rack (>= 1, < 3)
    thor (0.19.4)
    tilt (2.0.5)
    wraith (4.0.0)
      anemone
      image_size
      log4r
      parallel
      rake
      robotex
      thor

PLATFORMS
  ruby

DEPENDENCIES
  sinatra
  thin
  wraith

BUNDLED WITH
   1.11.2
